PATH
  remote: .
  specs:
    yadokari (0.1.0)
      faraday
      highline
      thor
      xcal

GEM
  remote: https://rubygems.org/
  specs:
    faraday (0.14.0)
      multipart-post (>= 1.2, < 3)
    highline (1.7.10)
    icalendar (2.4.1)
    multipart-post (2.0.0)
    rake (10.5.0)
    thor (0.20.0)
    xcal (2.1.0)
      icalendar (~> 2)

PLATFORMS
  ruby

DEPENDENCIES
  bundler (~> 1.16)
  rake (~> 10.0)
  yadokari!

BUNDLED WITH
   1.16.1
